GEM
  remote: https://rubygems.org/
  specs:
    rack (1.5.2)
    sinatra (1.1.0)
      rack (~> 1.1)
      tilt (~> 1.1)
    slim (1.3.6)
      temple (~> 0.5.5)
      tilt (~> 1.3.3)
    temple (0.5.5)
    tilt (1.3.4)

PLATFORMS
  ruby

DEPENDENCIES
  sinatra (= 1.1.0)
  slim
